GEM
  remote: https://rubygems.org/
  specs:
    actioncable (6.1.6)
      actionpack (= 6.1.6)
      activesupport (= 6.1.6)
      nio4r (~> 2.0)
      websocket-driver (>= 0.6.1)
    actionmailbox (6.1.6)
      actionpack (= 6.1.6)
      activejob (= 6.1.6)
      activerecord (= 6.1.6)
      activestorage (= 6.1.6)
      activesupport (= 6.1.6)
      mail (>= 2.7.1)
    actionmailer (6.1.6)
      actionpack (= 6.1.6)
      actionview (= 6.1.6)
      activejob (= 6.1.6)
      activesupport (= 6.1.6)
      mail (~> 2.5, >= 2.5.4)
      rails-dom-testing (~> 2.0)
    actionpack (6.1.6)
      actionview (= 6.1.6)
      activesupport (= 6.1.6)
      rack (~> 2.0, >= 2.0.9)
      rack-test (>= 0.6.3)
      rails-dom-testing (~> 2.0)
      rails-html-sanitizer (~> 1.0, >= 1.2.0)
    actiontext (6.1.6)
      actionpack (= 6.1.6)
      activerecord (= 6.1.6)
      activestorage (= 6.1.6)
      activesupport (= 6.1.6)
      nokogiri (>= 1.8.5)
    actionview (6.1.6)
      activesupport (= 6.1.6)
      builder (~> 3.1)
      erubi (~> 1.4)
      rails-dom-testing (~> 2.0)
      rails-html-sanitizer (~> 1.1, >= 1.2.0)
    active_record_doctor (1.9.0)
      activerecord (>= 4.2.0)
    activeadmin (2.11.2)
      arbre (~> 1.2, >= 1.2.1)
      formtastic (>= 3.1, < 5.0)
      formtastic_i18n (~> 0.4)
      inherited_resources (~> 1.7)
      jquery-rails (~> 4.2)
      kaminari (~> 1.0, >= 1.2.1)
      railties (>= 6.0, < 7.1)
      ransack (~> 2.1, >= 2.1.1)
    activejob (6.1.6)
      activesupport (= 6.1.6)
      globalid (>= 0.3.6)
    activemodel (6.1.6)
      activesupport (= 6.1.6)
    activerecord (6.1.6)
      activemodel (= 6.1.6)
      activesupport (= 6.1.6)
    activestorage (6.1.6)
      actionpack (= 6.1.6)
      activejob (= 6.1.6)
      activerecord (= 6.1.6)
      activesupport (= 6.1.6)
      marcel (~> 1.0)
      mini_mime (>= 1.1.0)
    activesupport (6.1.6)
      concurrent-ruby (~> 1.0, >= 1.0.2)
      i18n (>= 1.6, < 2)
      minitest (>= 5.1)
      tzinfo (~> 2.0)
      zeitwerk (~> 2.3)
    addressable (2.8.0)
      public_suffix (>= 2.0.2, < 5.0)
    arbre (1.5.0)
      activesupport (>= 3.0.0, < 7.1)
      ruby2_keywords (>= 0.0.2, < 1.0)
    barnes (0.0.9)
      multi_json (~> 1)
      statsd-ruby (~> 1.1)
    bcrypt (3.1.18)
    bootsnap (1.11.1)
      msgpack (~> 1.2)
    brakeman (5.2.3)
    builder (3.2.4)
    bullet (7.0.2)
      activesupport (>= 3.0.0)
      uniform_notifier (~> 1.11)
    byebug (11.1.3)
    choice (0.2.0)
    concurrent-ruby (1.1.10)
    crass (1.0.6)
    database_cleaner-active_record (2.0.1)
      activerecord (>= 5.a)
      database_cleaner-core (~> 2.0.0)
    database_cleaner-core (2.0.1)
    devise (4.8.1)
      bcrypt (~> 3.0)
      orm_adapter (~> 0.1)
      railties (>= 4.1.0)
      responders
      warden (~> 1.2.3)
    diff-lcs (1.5.0)
    digest (3.1.0)
    erubi (1.10.0)
    factory_bot (6.2.1)
      activesupport (>= 5.0.0)
    factory_bot_rails (6.2.0)
      factory_bot (~> 6.2.0)
      railties (>= 5.0.0)
    faker (2.20.0)
      i18n (>= 1.8.11, < 2)
    faraday (2.2.0)
      faraday-net_http (~> 2.0)
      ruby2_keywords (>= 0.0.4)
    faraday-net_http (2.0.3)
    ffi (1.15.5)
    formtastic (4.0.0)
      actionpack (>= 5.2.0)
    formtastic_i18n (0.7.0)
    geokit (1.13.1)
    geokit-rails (2.3.2)
      geokit (~> 1.5)
      rails (>= 3.0)
    globalid (1.0.0)
      activesupport (>= 5.0)
    google_places (2.0.0)
      httparty (>= 0.13.1)
    googleauth (1.1.3)
      faraday (>= 0.17.3, < 3.a)
      jwt (>= 1.4, < 3.0)
      memoist (~> 0.16)
      multi_json (~> 1.11)
      os (>= 0.9, < 2.0)
      signet (>= 0.16, < 2.a)
    has_scope (0.8.0)
      actionpack (>= 5.2)
      activesupport (>= 5.2)
    httparty (0.20.0)
      mime-types (~> 3.0)
      multi_xml (>= 0.5.2)
    i18n (1.10.0)
      concurrent-ruby (~> 1.0)
    inherited_resources (1.13.1)
      actionpack (>= 5.2, < 7.1)
      has_scope (~> 0.6)
      railties (>= 5.2, < 7.1)
      responders (>= 2, < 4)
    jquery-rails (4.4.0)
      rails-dom-testing (>= 1, < 3)
      railties (>= 4.2.0)
      thor (>= 0.14, < 2.0)
    jsonapi-rspec (0.0.11)
      rspec-core
      rspec-expectations
    jsonapi-serializer (2.2.0)
      activesupport (>= 4.2)
    jwt (2.3.0)
    kaminari (1.2.2)
      activesupport (>= 4.1.0)
      kaminari-actionview (= 1.2.2)
      kaminari-activerecord (= 1.2.2)
      kaminari-core (= 1.2.2)
    kaminari-actionview (1.2.2)
      actionview
      kaminari-core (= 1.2.2)
    kaminari-activerecord (1.2.2)
      activerecord
      kaminari-core (= 1.2.2)
    kaminari-core (1.2.2)
    loofah (2.15.0)
      crass (~> 1.0.2)
      nokogiri (>= 1.5.9)
    mail (2.7.1)
      mini_mime (>= 0.1.1)
    marcel (1.0.2)
    memoist (0.16.2)
    method_source (1.0.0)
    mime-types (3.4.1)
      mime-types-data (~> 3.2015)
    mime-types-data (3.2022.0105)
    mini_mime (1.1.2)
    mini_portile2 (2.8.0)
    minitest (5.15.0)
    msgpack (1.4.5)
    multi_json (1.15.0)
    multi_xml (0.6.0)
    net-imap (0.2.3)
      digest
      net-protocol
      strscan
    net-pop (0.1.1)
      digest
      net-protocol
      timeout
    net-protocol (0.1.3)
      timeout
    net-smtp (0.3.1)
      digest
      net-protocol
      timeout
    nio4r (2.5.8)
    nokogiri (1.13.6)
      mini_portile2 (~> 2.8.0)
      racc (~> 1.4)
    orm_adapter (0.5.0)
    os (1.1.4)
    pg (1.3.5)
    public_suffix (4.0.7)
    puma (5.6.4)
      nio4r (~> 2.0)
    racc (1.6.0)
    rack (2.2.3.1)
    rack-cors (1.1.1)
      rack (>= 2.0.0)
    rack-test (1.1.0)
      rack (>= 1.0, < 3)
    rails (6.1.6)
      actioncable (= 6.1.6)
      actionmailbox (= 6.1.6)
      actionmailer (= 6.1.6)
      actionpack (= 6.1.6)
      actiontext (= 6.1.6)
      actionview (= 6.1.6)
      activejob (= 6.1.6)
      activemodel (= 6.1.6)
      activerecord (= 6.1.6)
      activestorage (= 6.1.6)
      activesupport (= 6.1.6)
      bundler (>= 1.15.0)
      railties (= 6.1.6)
      sprockets-rails (>= 2.0.0)
    rails-dom-testing (2.0.3)
      activesupport (>= 4.2.0)
      nokogiri (>= 1.6)
    rails-erd (1.6.1)
      activerecord (>= 4.2)
      activesupport (>= 4.2)
      choice (~> 0.2.0)
      ruby-graphviz (~> 1.2)
    rails-html-sanitizer (1.4.3)
      loofah (~> 2.3)
    railties (6.1.6)
      actionpack (= 6.1.6)
      activesupport (= 6.1.6)
      method_source
      rake (>= 12.2)
      thor (~> 1.0)
    rake (13.0.6)
    ransack (2.6.0)
      activerecord (>= 6.0.4)
      activesupport (>= 6.0.4)
      i18n
    rbnacl (7.1.1)
      ffi
    responders (3.0.1)
      actionpack (>= 5.0)
      railties (>= 5.0)
    rexml (3.2.5)
    rspec-core (3.11.0)
      rspec-support (~> 3.11.0)
    rspec-expectations (3.11.0)
      diff-lcs (>= 1.2.0, < 2.0)
      rspec-support (~> 3.11.0)
    rspec-mocks (3.11.1)
      diff-lcs (>= 1.2.0, < 2.0)
      rspec-support (~> 3.11.0)
    rspec-rails (5.1.2)
      actionpack (>= 5.2)
      activesupport (>= 5.2)
      railties (>= 5.2)
      rspec-core (~> 3.10)
      rspec-expectations (~> 3.10)
      rspec-mocks (~> 3.10)
      rspec-support (~> 3.10)
    rspec-support (3.11.0)
    ruby-graphviz (1.2.5)
      rexml
    ruby2_keywords (0.0.5)
    sassc (2.4.0)
      ffi (~> 1.9)
    sassc-rails (2.1.2)
      railties (>= 4.0.0)
      sassc (>= 2.0)
      sprockets (> 3.0)
      sprockets-rails
      tilt
    sentry-rails (5.2.1)
      railties (>= 5.0)
      sentry-ruby-core (~> 5.2.1)
    sentry-ruby (5.2.1)
      concurrent-ruby (~> 1.0, >= 1.0.2)
      sentry-ruby-core (= 5.2.1)
    sentry-ruby-core (5.2.1)
      concurrent-ruby
    shoulda-matchers (5.1.0)
      activesupport (>= 5.2.0)
    signet (0.16.1)
      addressable (~> 2.8)
      faraday (>= 0.17.5, < 3.0)
      jwt (>= 1.5, < 3.0)
      multi_json (~> 1.10)
    sprockets (4.0.3)
      concurrent-ruby (~> 1.0)
      rack (> 1, < 3)
    sprockets-rails (3.4.2)
      actionpack (>= 5.2)
      activesupport (>= 5.2)
      sprockets (>= 3.0.0)
    statsd-ruby (1.5.0)
    strscan (3.0.3)
    thor (1.2.1)
    tilt (2.0.10)
    timeliness (0.4.4)
    timeout (0.2.0)
    tzinfo (2.0.4)
      concurrent-ruby (~> 1.0)
    tzinfo-data (1.2022.1)
      tzinfo (>= 1.0.0)
    uniform_notifier (1.15.0)
    validates_timeliness (6.0.0.beta2)
      activemodel (>= 6.0.0, < 7)
      timeliness (>= 0.3.10, < 1)
    warden (1.2.9)
      rack (>= 2.0.9)
    websocket-driver (0.7.5)
      websocket-extensions (>= 0.1.0)
    websocket-extensions (0.1.5)
    zeitwerk (2.5.4)

PLATFORMS
  x64-mingw-ucrt
  x64-mingw32

DEPENDENCIES
  active_record_doctor
  activeadmin
  barnes
  bcrypt (~> 3.1.7)
  bootsnap (>= 1.4.4)
  brakeman
  bullet
  byebug
  database_cleaner-active_record
  devise
  factory_bot_rails
  faker
  geokit-rails
  google_places
  googleauth
  jsonapi-rspec
  jsonapi-serializer
  jwt (~> 2.2)
  net-imap
  net-pop
  net-smtp
  pg
  puma (~> 5.0)
  rack-cors
  rails (~> 6.1.2, >= 6.1.2.1)
  rails-erd
  rbnacl (~> 7.1)
  rexml
  rspec-rails
  sassc-rails
  sentry-rails
  sentry-ruby
  shoulda-matchers
  tzinfo-data
  validates_timeliness (~> 6.0.0.alpha1)

RUBY VERSION
   ruby 3.1.1p18

BUNDLED WITH
   2.3.10
